GEM
  remote: https://rubygems.org/
  specs:
    awesome_print (1.1.0)
    faraday (0.8.9)
      multipart-post (~> 1.2.0)
    jazor (0.1.8)
      json
      term-ansicolor
    json (1.8.1)
    logger (1.2.8)
    multipart-post (1.2.0)
    term-ansicolor (1.3.0)
      tins (~> 1.0)
    thor (0.18.1)
    tins (1.0.0)

PLATFORMS
  ruby

DEPENDENCIES
  awesome_print (~> 1.1.0)
  faraday (~> 0.8.7)
  jazor (~> 0.1.8)
  json (~> 1.8.0)
  logger (~> 1.2.8)
  thor
